PATH
  remote: .
  specs:
    fluent-ui-icons (0.1.0)
      nokogiri

GEM
  remote: https://rubygems.org/
  specs:
    coderay (1.1.3)
    git (1.9.1)
      rchardet (~> 1.8)
    highline (2.0.3)
    method_source (1.0.0)
    mini_portile2 (2.6.1)
    nokogiri (1.12.5)
      mini_portile2 (~> 2.6.1)
      racc (~> 1.4)
    options (2.3.2)
    progress_bar (1.3.3)
      highline (>= 1.6, < 3)
      options (~> 2.3.0)
    pry (0.14.1)
      coderay (~> 1.1)
      method_source (~> 1.0)
    racc (1.5.2)
    rake (12.3.3)
    rchardet (1.8.0)

PLATFORMS
  ruby

DEPENDENCIES
  fluent-ui-icons!
  git
  progress_bar
  pry
  rake (~> 12.0)

BUNDLED WITH
   2.1.4
